PATH
  remote: .
  specs:
    paypal-sdk-core (0.0.1)
      xml-simple

GEM
  remote: https://rubygems.org/
  specs:
    diff-lcs (1.1.3)
    multi_json (1.3.6)
    rspec (2.11.0)
      rspec-core (~> 2.11.0)
      rspec-expectations (~> 2.11.0)
      rspec-mocks (~> 2.11.0)
    rspec-core (2.11.1)
    rspec-expectations (2.11.3)
      diff-lcs (~> 1.1.3)
    rspec-mocks (2.11.3)
    simplecov (0.6.4)
      multi_json (~> 1.0)
      simplecov-html (~> 0.5.3)
    simplecov-html (0.5.3)
    xml-simple (1.1.2)

PLATFORMS
  ruby
  x86-mingw32

DEPENDENCIES
  paypal-sdk-core!
  rspec
  simplecov
