PATH
  remote: .
  specs:
    paypal-sdk-core (0.94.0)
      gyoku
      nokogiri
      nori

GEM
  remote: https://rubygems.org/
  specs:
    builder (3.0.3)
    diff-lcs (1.1.3)
    gyoku (0.4.6)
      builder (>= 2.1.2)
    multi_json (1.3.6)
    nokogiri (1.5.5)
    nokogiri (1.5.5-x86-mingw32)
    nori (1.1.3)
    rspec (2.11.0)
      rspec-core (~> 2.11.0)
      rspec-expectations (~> 2.11.0)
      rspec-mocks (~> 2.11.0)
    rspec-core (2.11.1)
    rspec-expectations (2.11.3)
      diff-lcs (~> 1.1.3)
    rspec-mocks (2.11.3)
    simplecov (0.6.4)
      multi_json (~> 1.0)
      simplecov-html (~> 0.5.3)
    simplecov-html (0.5.3)

PLATFORMS
  ruby
  x86-mingw32

DEPENDENCIES
  paypal-sdk-core!
  rspec
  simplecov
